GEM
  remote: http://rubygems.org/
  specs:
    addressable (2.2.4)
    dm-core (1.0.2)
      addressable (~> 2.2)
      extlib (~> 0.9.15)
    dm-migrations (1.0.2)
      dm-core (~> 1.0.2)
    extlib (0.9.15)
    haml (3.0.25)
    rack (1.2.1)
    sinatra (1.1.2)
      rack (~> 1.1)
      tilt (~> 1.2)
    tilt (1.2.2)

PLATFORMS
  ruby

DEPENDENCIES
  dm-core
  dm-migrations
  haml
  sinatra
